GEM
  specs:
    colorize (0.8.1)
    git (1.3.0)
    rake (12.0.0)
    slack-notifier (2.2.2)

PLATFORMS
  ruby

DEPENDENCIES
  colorize
  git
  rake
  slack-notifier

BUNDLED WITH
   1.16.0.pre.3
